GIT
  remote: git://github.com/kesha-antonov/jekyll-slim.git
  revision: bd3bf8280945f2f61542181da8d0baaebf4948f5
  specs:
    jekyll-slim (0.10.0)
      jekyll (~> 3.1)
      slim

GIT
  remote: git://github.com/slim-template/slim.git
  revision: 94aa6274e51daa504e87ef193ca464548ced5004
  specs:
    slim (3.0.6)
      temple (~> 0.7.6)
      tilt (>= 1.3.3, < 2.1)

GEM
  remote: https://rubygems.org/
  specs:
    colorator (0.1)
    ffi (1.9.10)
    jekyll (3.1.2)
      colorator (~> 0.1)
      jekyll-sass-converter (~> 1.0)
      jekyll-watch (~> 1.1)
      kramdown (~> 1.3)
      liquid (~> 3.0)
      mercenary (~> 0.3.3)
      rouge (~> 1.7)
      safe_yaml (~> 1.0)
    jekyll-sass-converter (1.4.0)
      sass (~> 3.4)
    jekyll-watch (1.3.1)
      listen (~> 3.0)
    kramdown (1.10.0)
    liquid (3.0.6)
    listen (3.0.6)
      rb-fsevent (>= 0.9.3)
      rb-inotify (>= 0.9.7)
    mercenary (0.3.5)
    rb-fsevent (0.9.7)
    rb-inotify (0.9.7)
      ffi (>= 0.5.0)
    rouge (1.10.1)
    safe_yaml (1.0.4)
    sass (3.4.21)
    temple (0.7.6)
    tilt (2.0.2)

PLATFORMS
  ruby

DEPENDENCIES
  jekyll-slim!
  slim!

BUNDLED WITH
   1.10.6
